GIT
  remote: git://github.com/padrino/padrino-framework.git
  revision: c7fc7fb6aff7b6e5bf3e404fc1b782eeea63281c
  specs:
    padrino (0.10.7)
      padrino-admin (= 0.10.7)
      padrino-cache (= 0.10.7)
      padrino-core (= 0.10.7)
      padrino-gen (= 0.10.7)
      padrino-helpers (= 0.10.7)
      padrino-mailer (= 0.10.7)
    padrino-admin (0.10.7)
      padrino-core (= 0.10.7)
      padrino-helpers (= 0.10.7)
    padrino-cache (0.10.7)
      padrino-core (= 0.10.7)
      padrino-helpers (= 0.10.7)
    padrino-core (0.10.7)
      activesupport (>= 3.1.0)
      http_router (~> 0.10.2)
      sinatra (~> 1.3.1)
      thor (~> 0.16.0)
      tilt (~> 1.3.0)
    padrino-gen (0.10.7)
      bundler (~> 1.0)
      padrino-core (= 0.10.7)
    padrino-helpers (0.10.7)
      i18n (~> 0.6)
      padrino-core (= 0.10.7)
    padrino-mailer (0.10.7)
      mail (~> 2.5.3)
      padrino-core (= 0.10.7)

GIT
  remote: git://github.com/stefanoverna/pundit.git
  revision: 0256b4ef84e53f23aedd8407e1b3a6b3fce3cb38
  branch: master
  specs:
    pundit (0.2.0)

GIT
  remote: git://github.com/stefanoverna/straight_auth.git
  revision: ee90ca2f4c3eae35986fc2896c0dc231e6d96327
  branch: master
  specs:
    straight_auth (0.0.1)
      bcrypt-ruby

GEM
  remote: https://rubygems.org/
  specs:
    active_utils (1.0.5)
      activesupport (>= 2.3.11)
      i18n
    activemerchant (1.31.1)
      active_utils (>= 1.0.2)
      activesupport (>= 2.3.14)
      builder (>= 2.0.0)
      i18n
      json (>= 1.5.1)
      money
      nokogiri
    activemodel (3.2.12)
      activesupport (= 3.2.12)
      builder (~> 3.0.0)
    activerecord (3.2.12)
      activemodel (= 3.2.12)
      activesupport (= 3.2.12)
      arel (~> 3.0.2)
      tzinfo (~> 0.3.29)
    activesupport (3.2.12)
      i18n (~> 0.6)
      multi_json (~> 1.0)
    addressable (2.3.3)
    arel (3.0.2)
    bcrypt-ruby (3.0.1)
    builder (3.0.4)
    capybara (2.0.2)
      mime-types (>= 1.16)
      nokogiri (>= 1.3.3)
      rack (>= 1.0.0)
      rack-test (>= 0.5.4)
      selenium-webdriver (~> 2.0)
      xpath (~> 1.0.0)
    childprocess (0.3.9)
      ffi (~> 1.0, >= 1.0.11)
    climate_control (0.0.3)
      activesupport (>= 3.0)
    cocaine (0.5.1)
      climate_control (>= 0.0.3, < 1.0)
    coffee-script (2.2.0)
      coffee-script-source
      execjs
    coffee-script-source (1.6.1)
    crack (0.3.2)
    database_cleaner (0.9.1)
    diff-lcs (1.2.1)
    execjs (1.4.0)
      multi_json (~> 1.0)
    fabrication (2.6.2)
    ffi (1.4.0)
    hike (1.2.1)
    http_router (0.10.2)
      rack (>= 1.0.0)
      url_mount (~> 0.2.1)
    i18n (0.6.4)
    jsmin (1.0.1)
    json (1.7.7)
    launchy (2.2.0)
      addressable (~> 2.3)
    letter_opener (1.1.0)
      launchy (~> 2.2.0)
    mail (2.5.3)
      i18n (>= 0.4.0)
      mime-types (~> 1.16)
      treetop (~> 1.4.8)
    mime-types (1.21)
    money (5.1.1)
      i18n (~> 0.6.0)
    multi_json (1.6.1)
    nokogiri (1.5.6)
    padrino-sprockets (0.0.2)
      sprockets
    paperclip (3.4.1)
      activemodel (>= 3.0.0)
      activerecord (>= 3.0.0)
      activesupport (>= 3.0.0)
      cocaine (~> 0.5.0)
      mime-types
    pg (0.14.1)
    polyglot (0.3.3)
    rack (1.5.2)
    rack-flash3 (1.0.3)
      rack
    rack-protection (1.4.0)
      rack
    rack-test (0.6.2)
      rack (>= 1.0)
    rake (10.0.3)
    redcarpet (2.2.2)
    rspec (2.13.0)
      rspec-core (~> 2.13.0)
      rspec-expectations (~> 2.13.0)
      rspec-mocks (~> 2.13.0)
    rspec-core (2.13.0)
    rspec-expectations (2.13.0)
      diff-lcs (>= 1.1.3, < 2.0)
    rspec-mocks (2.13.0)
    rubyzip (0.9.9)
    sass (3.2.7)
    selenium-webdriver (2.31.0)
      childprocess (>= 0.2.5)
      multi_json (~> 1.0)
      rubyzip
      websocket (~> 1.0.4)
    sinatra (1.3.5)
      rack (~> 1.4)
      rack-protection (~> 1.3)
      tilt (~> 1.3, >= 1.3.3)
    slim (1.3.6)
      temple (~> 0.5.5)
      tilt (~> 1.3.3)
    sprockets (2.9.0)
      hike (~> 1.2)
      multi_json (~> 1.0)
      rack (~> 1.0)
      tilt (~> 1.1, != 1.3.0)
    temple (0.5.5)
    thor (0.16.0)
    tilt (1.3.4)
    timecop (0.6.0)
    treetop (1.4.12)
      polyglot
      polyglot (>= 0.3.1)
    tzinfo (0.3.36)
    url_mount (0.2.1)
      rack
    vcr (2.4.0)
    webmock (1.10.0)
      addressable (>= 2.2.7)
      crack (>= 0.3.2)
    websocket (1.0.7)
    will_paginate (3.0.4)
    xpath (1.0.0)
      nokogiri (~> 1.3)

PLATFORMS
  ruby

DEPENDENCIES
  activemerchant (~> 1.31.1)
  activerecord (~> 3.2.12)
  bcrypt-ruby
  capybara
  coffee-script (~> 2.2.0)
  database_cleaner
  fabrication
  i18n (~> 0.6.4)
  jsmin (~> 1.0.1)
  launchy
  letter_opener
  padrino (~> 0.10.7)
  padrino-helpers!
  padrino-sprockets
  paperclip (~> 3.0)
  pg
  pundit!
  rack-flash3
  rake
  redcarpet (~> 2.2.2)
  rspec
  sass (~> 3.2.7)
  slim (~> 1.3.6)
  sprockets (~> 2.9.0)
  straight_auth!
  timecop
  vcr
  webmock (= 1.10)
  will_paginate (~> 3.0)
